GEM
  remote: https://rubygems.org/
  specs:
    awesome_print (1.6.1)
    smart_colored (1.1.1)

PLATFORMS
  ruby

DEPENDENCIES
  awesome_print
  smart_colored

BUNDLED WITH
   1.10.6
